NUGET
  remote: https://nuget.org/api/v2
  specs:
    FParsec-Big-Data-Edition (1.0.1)
